PATH
  remote: .
  specs:
    deliver (0.3.5)
      capybara (~> 2.4.3)
      colored
      commander (~> 4.2.0)
      fastimage (~> 1.6.3)
      highline (~> 1.6.21)
      json
      nokogiri (~> 1.6.3.1)
      plist (~> 3.1.0)
      poltergeist (~> 1.5.1)
      prawn
      rubyzip (~> 1.1.6)
      security (~> 0.1.3)
      snapshot

GEM
  remote: https://rubygems.org/
  specs:
    addressable (2.3.6)
    capybara (2.4.4)
      mime-types (>= 1.16)
      nokogiri (>= 1.3.3)
      rack (>= 1.0.0)
      rack-test (>= 0.5.4)
      xpath (~> 2.0)
    cliver (0.3.2)
    codeclimate-test-reporter (0.4.1)
      simplecov (>= 0.7.1, < 1.0.0)
    coderay (1.1.0)
    colored (1.2)
    commander (4.2.0)
      highline (~> 1.6.11)
    crack (0.4.2)
      safe_yaml (~> 1.0.0)
    diff-lcs (1.2.5)
    docile (1.1.5)
    fastimage (1.6.3)
      addressable (~> 2.3, >= 2.3.5)
    highline (1.6.21)
    json (1.8.1)
    method_source (0.8.2)
    mime-types (2.4.2)
    mini_portile (0.6.0)
    multi_json (1.10.1)
    nokogiri (1.6.3.1)
      mini_portile (= 0.6.0)
    pdf-core (0.4.0)
    plist (3.1.0)
    poltergeist (1.5.1)
      capybara (~> 2.1)
      cliver (~> 0.3.1)
      multi_json (~> 1.0)
      websocket-driver (>= 0.2.0)
    prawn (1.3.0)
      pdf-core (~> 0.4.0)
      ttfunk (~> 1.4.0)
    pry (0.10.1)
      coderay (~> 1.1.0)
      method_source (~> 0.8.1)
      slop (~> 3.4)
    rack (1.5.2)
    rack-test (0.6.2)
      rack (>= 1.0)
    rake (10.3.2)
    rspec (3.1.0)
      rspec-core (~> 3.1.0)
      rspec-expectations (~> 3.1.0)
      rspec-mocks (~> 3.1.0)
    rspec-core (3.1.5)
      rspec-support (~> 3.1.0)
    rspec-expectations (3.1.2)
      diff-lcs (>= 1.2.0, < 2.0)
      rspec-support (~> 3.1.0)
    rspec-mocks (3.1.2)
      rspec-support (~> 3.1.0)
    rspec-support (3.1.1)
    rubyzip (1.1.6)
    safe_yaml (1.0.4)
    security (0.1.3)
    simplecov (0.9.1)
      docile (~> 1.1.0)
      multi_json (~> 1.0)
      simplecov-html (~> 0.8.0)
    simplecov-html (0.8.0)
    slop (3.6.0)
    snapshot (0.3.1)
      colored
      commander (~> 4.2.0)
      fastimage (~> 1.6.3)
      highline (~> 1.6.21)
      json
    ttfunk (1.4.0)
    webmock (1.19.0)
      addressable (>= 2.3.6)
      crack (>= 0.3.2)
    websocket-driver (0.3.5)
    xpath (2.0.0)
      nokogiri (~> 1.3)
    yard (0.9.36)

PLATFORMS
  ruby

DEPENDENCIES
  bundler
  codeclimate-test-reporter
  deliver!
  pry
  rake
  rspec (~> 3.1.0)
  webmock (~> 1.19.0)
  yard (~> 0.9.36)
